PATH
  remote: .
  specs:
    czech_post_b2b_client (0.1.0)
      ox (~> 2.11)

GEM
  remote: https://rubygems.org/
  specs:
    minitest (5.13.0)
    ox (2.11.0)
    rake (10.5.0)

PLATFORMS
  ruby

DEPENDENCIES
  bundler (~> 1.17)
  czech_post_b2b_client!
  minitest (~> 5.0)
  rake (~> 10.0)

BUNDLED WITH
   1.17.3
